{
  "TaskName": "AudioCueWalkingStudy",
  "TaskDescription": "Participants were required to step in time to an auditory tone sequenceand adapt their step length and rate to occasional shifts in tempo of the pacing stimulus (i.e., following shifts to a faster or slower tempo)",
  "InstitutionAddress": "Institute of Neural Engineering, Stremayrgasse 16/IV, 8010 Graz, Austria",
  "InstitutionName": "Graz University of Technology",
  "InstitutionalDepartmentName": "Institute of Neural Engineering",
  "PowerLineFrequency": 50,
  "ManufacturersModelName": "g.USBamp",
  "Manufacturer": "gtec",
  "SoftwareVersions": "Tobi signal server. (https://tools4bci.github.io/SignalServer/)",
  "EEGReference": "right mastoid",
  "EEGGround": "left mastoid",
  "SamplingFrequency": 512,
  "SoftwareFilters": {
    "HighPassFilter": {
      "cutof": "0.1 (Hz)"
    },
    "AntiAliasingFilter": {
      "cutof": "256 (Hz)"
    },
    "NotchFilter": {
      "cutof": "50 (Hz)"
    }
  },
  "CapManufacturer": "EasyCap",
  "CapManufacturersModelName": "M15",
  "EEGChannelCount": 108,
  "EMGChannelCount": 4,
  "RecordingType": "continuous",
  "EEGPlacementScheme": "10 percent system",
  "SubjectArtefactDescription": "this is a MOBI dataset recorded during walking, thus movement and EMG artefacts are to be expected",
  "MiscChannelCount": 7,
  "RecordingDuration": 545.994140625,
  "EOGChannelCount": 0,
  "ECGChannelCount": 0
}